GIT
  remote: https://github.com/tootsuite/mastodon-api.git
  revision: 0dbf540ceb1655ebe7a4c13699e8e5f8e063e142
  ref: 0dbf540ceb1655ebe7a4c13699e8e5f8e063e142
  specs:
    mastodon-api (2.0.0)
      addressable (~> 2.6)
      buftok (~> 0)
      http (~> 3.3)
      oj (~> 3.7)

GEM
  remote: https://rubygems.org/
  specs:
    addressable (2.7.0)
      public_suffix (>= 2.0.2, < 5.0)
    buftok (0.2.0)
    crass (1.0.4)
    domain_name (0.5.20190701)
      unf (>= 0.0.5, < 1.0.0)
    ffi (1.9.25)
    ffi (1.9.25-x64-mingw32)
    http (3.3.0)
      addressable (~> 2.3)
      http-cookie (~> 1.0)
      http-form_data (~> 2.0)
      http_parser.rb (~> 0.6.0)
    http-cookie (1.0.3)
      domain_name (~> 0.5)
    http-form_data (2.3.0)
    http_parser.rb (0.6.0)
    ikku (0.1.4)
      natto
    mini_portile2 (2.4.0)
    natto (1.1.1)
      ffi (>= 1.9.0)
    nokogiri (1.10.1)
      mini_portile2 (~> 2.4.0)
    nokogiri (1.10.1-x64-mingw32)
      mini_portile2 (~> 2.4.0)
    nokogumbo (2.0.1)
      nokogiri (~> 1.8, >= 1.8.4)
    oj (3.10.6)
    public_suffix (4.0.5)
    sanitize (5.0.0)
      crass (~> 1.0.2)
      nokogiri (>= 1.8.0)
      nokogumbo (~> 2.0)
    unf (0.1.4)
      unf_ext
    unf_ext (0.0.7.7)
    unf_ext (0.0.7.7-x64-mingw32)

PLATFORMS
  ruby
  x64-mingw32

DEPENDENCIES
  ikku (>= 0.1.4)
  mastodon-api!
  sanitize (~> 5.0)

BUNDLED WITH
   1.17.2
